GEM
  remote: https://rubygems.org/
  specs:
    dotenv (2.7.5)

PLATFORMS
  x64-mingw32

DEPENDENCIES
  dotenv

BUNDLED WITH
   2.1.4
